GEM
  remote: https://rubygems.org/
  specs:
    facebook-messenger (0.11.1)
      httparty (~> 0.13, >= 0.13.7)
      rack (>= 1.6.4)
    haversine (0.3.2)
    httparty (0.14.0)
      multi_xml (>= 0.5.2)
    multi_xml (0.6.0)
    rack (1.6.5)
    rack-protection (1.5.3)
      rack
    sinatra (1.4.7)
      rack (~> 1.5)
      rack-protection (~> 1.4)
      tilt (>= 1.3, < 3)
    tilt (2.0.5)
    unidecoder (1.1.2)

PLATFORMS
  ruby

DEPENDENCIES
  facebook-messenger
  haversine
  httparty
  rack (~> 1.6.5)
  sinatra
  unidecoder

RUBY VERSION
   ruby 2.2.2p95

BUNDLED WITH
   1.13.6
