GEM
  remote: https://rubygems.org/
  specs:
    facebook-messenger (1.0.0)
      httparty (~> 0.13, >= 0.13.7)
      rack (>= 1.6.4)
    haversine (0.3.2)
    httparty (0.15.5)
      multi_xml (>= 0.5.2)
    multi_xml (0.6.0)
    mustermann (1.0.0)
    rack (2.0.3)
    rack-protection (2.0.0)
      rack
    sinatra (2.0.0)
      mustermann (~> 1.0)
      rack (~> 2.0)
      rack-protection (= 2.0.0)
      tilt (~> 2.0)
    tilt (2.0.7)
    unidecoder (1.1.2)

PLATFORMS
  ruby

DEPENDENCIES
  facebook-messenger
  haversine
  httparty
  rack
  sinatra
  unidecoder

RUBY VERSION
   ruby 2.3.3p222

BUNDLED WITH
   1.14.3
